{
  "TaskName": "rest",
  "MagneticFieldStrength": 3,
  "Manufacturer": "SIEMENS",
  "ManufacturersModelName": "Siemens 3T Magnetom Prisma Fit",
  "DeviceSerialNumber": "167033",
  "SoftwareVersions": "syngo MR E11",
  "Modality": "MR",
  "RepetitionTime": 0.8,
  "SliceTiming": [0, 0.0889, 0.1778, 0.2667, 0.3555, 0.4444, 0.5333, 0.6222, 0.7111, 0, 0.0889, 0.1778, 0.2667, 0.3555, 0.4444, 0.5333, 0.6222, 0.7111, 0, 0.0889, 0.1778, 0.2667, 0.3555, 0.4444, 0.5333, 0.6222, 0.7111, 0, 0.0889, 0.1778, 0.2667, 0.3555, 0.4444, 0.5333, 0.6222, 0.7111, 0, 0.0889, 0.1778, 0.2667, 0.3555, 0.4444, 0.5333, 0.6222, 0.7111, 0, 0.0889, 0.1778, 0.2667, 0.3555, 0.4444, 0.5333, 0.6222, 0.7111, 0, 0.0889, 0.1778, 0.2667, 0.3555, 0.4444, 0.5333, 0.6222, 0.7111, 0, 0.0889, 0.1778, 0.2667, 0.3555, 0.4444, 0.5333, 0.6222, 0.7111],
  "EchoTime": 0.038,
  "EchoTrainLength": "108",
  "ScanningSequence": "EP",
  "SequenceVariant": "SK",
  "ScanOptions": "FS",
  "SequenceName": "*epfid2d1_108",
  "FlipAngle": 52,
  "PhaseEncodingDirection": "j-"
}